PATH
  remote: .
  specs:
    build-thing (0.0.1)
      andand
      dnssd
      grit
      trollop
      uuid

GEM
  remote: http://rubygems.org/
  specs:
    andand (1.3.1)
    diff-lcs (1.1.2)
    dnssd (2.0)
    grit (2.4.1)
      diff-lcs (~> 1.1)
      mime-types (~> 1.15)
    macaddr (1.0.0)
    mime-types (1.16)
    rake (0.9.2)
    rspec (2.6.0)
      rspec-core (~> 2.6.0)
      rspec-expectations (~> 2.6.0)
      rspec-mocks (~> 2.6.0)
    rspec-core (2.6.3)
    rspec-expectations (2.6.0)
      diff-lcs (~> 1.1.2)
    rspec-mocks (2.6.0)
    trollop (1.16.2)
    uuid (2.3.2)
      macaddr (~> 1.0)

PLATFORMS
  ruby

DEPENDENCIES
  build-thing!
  rake
  rspec
