GEM
  remote: http://rubygems.org/
  specs:
    andand (1.3.1)
    trollop (1.16.2)

PLATFORMS
  ruby

DEPENDENCIES
  andand
  trollop
